GEM
  remote: http://rubygems.org/
  remote: https://n6ojjVsAxpecp7UjaAzD@gem.fury.io/semdinsp/
  specs:
    RedCloth (4.3.2)
    bcrypt (3.1.13)
    concurrent-ruby (1.1.5)
    estorm_lotto_gem (3.1.115)
      estorm_lotto_tools (~> 0.3)
      httpclient (~> 2)
      hurley (~> 0.1)
      hwid (~> 0.1)
      mqtt (~> 0.1)
      thor (~> 0.19)
    estorm_lotto_tools (0.5.1)
      hurley (~> 0.1)
      hwid (~> 0.2)
      parseconfig (~> 1.0)
      thor (~> 0.19)
    ffi (1.11.1)
    foreman (0.85.0)
      thor (~> 0.19.1)
    haml (5.1.2)
      temple (>= 0.8.0)
      tilt
    haml-contrib (1.0.0.1)
      haml (>= 3.2.0.alpha.13)
    httpclient (2.8.3)
    hurley (0.2)
    hwid (0.3.1)
    i18n (1.6.0)
      concurrent-ruby (~> 1.0)
    mqtt (0.5.0)
    nesta (0.11.1)
      RedCloth (~> 4.2)
      haml (>= 3.1)
      haml-contrib (>= 1.0)
      rack (>= 1.3)
      rdiscount (~> 2.1)
      sass (>= 3.1)
      sinatra (~> 1.4)
      tilt (~> 1.4)
    nio4r (2.5.8)
    parseconfig (1.0.8)
    power_assert (1.1.5)
    puma (4.3.9)
      nio4r (~> 2.0)
    rack (1.6.11)
    rack-protection (1.5.5)
      rack
    rack-ssl (1.4.1)
      rack
    rack-test (1.1.0)
      rack (>= 1.0, < 3)
    rb-fsevent (0.10.3)
    rb-inotify (0.10.0)
      ffi (~> 1.0)
    rdiscount (2.2.0.1)
    sass (3.7.4)
      sass-listen (~> 4.0.0)
    sass-listen (4.0.0)
      rb-fsevent (~> 0.9, >= 0.9.4)
      rb-inotify (~> 0.9, >= 0.9.7)
    sinatra (1.4.8)
      rack (~> 1.5)
      rack-protection (~> 1.4)
      tilt (>= 1.3, < 3)
    temple (0.8.1)
    test-unit (3.3.3)
      power_assert
    thor (0.19.4)
    tilt (1.4.1)

PLATFORMS
  ruby

DEPENDENCIES
  bcrypt
  estorm_lotto_gem!
  estorm_lotto_tools!
  foreman
  i18n
  nesta
  puma
  rack-ssl
  rack-test
  sinatra
  test-unit

RUBY VERSION
   ruby 2.4.0p0

BUNDLED WITH
   1.17.3
