GEM
  remote: http://rubygems.org/
  remote: https://n6ojjVsAxpecp7UjaAzD@gem.fury.io/semdinsp/
  specs:
    RedCloth (4.3.2)
    bcrypt (3.1.11)
    estorm_lotto_gem (3.1.4)
      estorm_lotto_tools (~> 0.3)
      httpclient (~> 2)
      hurley (~> 0.1)
      hwid (~> 0.1)
      mqtt (~> 0.1)
      thor (~> 0.19)
    estorm_lotto_tools (0.4.9)
      hurley (~> 0.1)
      hwid (~> 0.2)
      parseconfig (~> 1.0)
      thor (~> 0.19)
    foreman (0.84.0)
      thor (~> 0.19.1)
    haml (5.0.1)
      temple (>= 0.8.0)
      tilt
    haml-contrib (1.0.0.1)
      haml (>= 3.2.0.alpha.13)
    httpclient (2.8.3)
    hurley (0.2)
    hwid (0.2.0)
    i18n (0.8.4)
    mqtt (0.5.0)
    mustermann (1.0.0)
    nesta (0.11.0)
      RedCloth (~> 4.2)
      haml (>= 3.1)
      haml-contrib (>= 1.0)
      rack (>= 1.3)
      rdiscount (~> 2.1)
      sass (>= 3.1)
      sinatra (~> 1.4)
    parseconfig (1.0.8)
    puma (3.9.1)
    rack (1.6.8)
    rack-protection (1.5.3)
      rack
    rack-test (0.6.3)
      rack (>= 1.0)
    rdiscount (2.2.0.1)
    sass (3.4.24)
    sinatra (1.4.5)
      rack (~> 1.4)
      rack-protection (~> 1.4)
      tilt (~> 1.3, >= 1.3.4)
    temple (0.8.0)
    thor (0.19.4)
    tilt (1.4.1)

PLATFORMS
  ruby

DEPENDENCIES
  bcrypt
  estorm_lotto_gem!
  estorm_lotto_tools!
  foreman
  i18n
  nesta
  puma
  rack-test
  sinatra

RUBY VERSION
   ruby 2.4.0p0

BUNDLED WITH
   1.14.6
